GEM
  remote: http://rubygems.org/
  specs:
    arbiter (3.0.0)
    diff-lcs (1.3)
    ffi (1.9.23)
    ffi-rzmq (2.0.6)
      ffi-rzmq-core (>= 1.0.6)
    ffi-rzmq-core (1.0.6)
      ffi
    oj (2.18.5)
    rake (0.9.6)
    rspec (2.99.0)
      rspec-core (~> 2.99.0)
      rspec-expectations (~> 2.99.0)
      rspec-mocks (~> 2.99.0)
    rspec-core (2.99.2)
    rspec-expectations (2.99.2)
      diff-lcs (>= 1.1.3, < 2.0)
    rspec-mocks (2.99.4)

PLATFORMS
  ruby

DEPENDENCIES
  arbiter
  ffi-rzmq
  oj (~> 2.0)
  rake (~> 0.9)
  rspec (~> 2.99)

BUNDLED WITH
   1.16.1
