GEM
  remote: http://rubygems.org/
  specs:
    diff-lcs (1.2.4)
    ffi (1.9.0)
    ffi-rzmq (1.0.3)
      ffi
    mono_logger (1.1.0)
    multi_json (1.8.1)
    oj (2.1.6)
    rack (1.5.2)
    rack-protection (1.5.0)
      rack
    rake (0.9.6)
    redis (3.0.5)
    redis-namespace (1.3.1)
      redis (~> 3.0.0)
    resque (1.25.1)
      mono_logger (~> 1.0)
      multi_json (~> 1.0)
      redis-namespace (~> 1.2)
      sinatra (>= 0.9.2)
      vegas (~> 0.1.2)
    rspec (2.14.1)
      rspec-core (~> 2.14.0)
      rspec-expectations (~> 2.14.0)
      rspec-mocks (~> 2.14.0)
    rspec-core (2.14.5)
    rspec-expectations (2.14.3)
      diff-lcs (>= 1.1.3, < 2.0)
    rspec-mocks (2.14.3)
    sinatra (1.4.3)
      rack (~> 1.4)
      rack-protection (~> 1.4)
      tilt (~> 1.3, >= 1.3.4)
    tilt (1.4.1)
    vegas (0.1.11)
      rack (>= 1.0.0)

PLATFORMS
  ruby

DEPENDENCIES
  ffi-rzmq (~> 1.0)
  oj (~> 2.0)
  rake (~> 0.9)
  resque (~> 1.21)
  rspec (~> 2.11)
